GEM
  remote: https://rubygems.org/
  specs:
    activesupport (4.2.7.1)
      i18n (~> 0.7)
      json (~> 1.7, >= 1.7.7)
      minitest (~> 5.1)
      thread_safe (~> 0.3, >= 0.3.4)
      tzinfo (~> 1.1)
    ffi (1.9.14-x86-mingw32)
    hashie (3.4.6)
    i18n (0.7.0)
    json (1.8.3)
    minitest (5.10.1)
    multipart-post (2.0.0)
    soda-ruby (0.2.22)
      activesupport (~> 4.2.5)
      hashie (~> 3.4.2)
      multipart-post (~> 2.0.0)
      sys-uname (~> 1.0.2)
    sys-uname (1.0.3)
      ffi (>= 1.0.0)
    thread_safe (0.3.5)
    tzinfo (1.2.2)
      thread_safe (~> 0.1)

PLATFORMS
  x86-mingw32

DEPENDENCIES
  soda-ruby

BUNDLED WITH
   1.11.2
